GEM
  remote: http://rubygems.org/
  specs:
    aws-s3 (0.6.2)
      builder
      mime-types
      xml-simple
    builder (3.0.0)
    mime-types (1.16)
    right_aws (2.1.0)
      right_http_connection (>= 1.2.5)
    right_http_connection (1.3.0)
    xml-simple (1.1.0)

PLATFORMS
  ruby

DEPENDENCIES
  aws-s3
  right_aws
