PATH
  remote: .
  specs:
    s3utils (0.0.1)
      right_aws (>= 2.1.0)

GEM
  remote: http://rubygems.org/
  specs:
    right_aws (2.1.0)
      right_http_connection (>= 1.2.5)
    right_http_connection (1.3.0)

PLATFORMS
  ruby

DEPENDENCIES
  s3utils!
